GIT
  remote: git://github.com/innoq/iqvoc.git
  revision: 98acf4537c5f980eeea48f67b8a846cb22601570
  branch: master
  specs:
    iqvoc (4.12.1)
      apipie-rails (~> 0.3.5)
      authlogic (~> 3.8.0)
      autoprefixer-rails (~> 6.5.1.1)
      bootstrap-sass (~> 3.4.1)
      bootstrap_form (~> 2.2.0)
      bundler
      cancancan (~> 2.3.0)
      carrierwave
      database_cleaner
      delayed_job_active_record (~> 4.1.1)
      faraday (= 0.9.0)
      faraday_middleware
      font-awesome-rails (~> 4.2.0)
      iq_rdf (>= 0.1.16)
      iq_triplestorage
      json
      kaminari (~> 0.16.3)
      kaminari-bootstrap (~> 3.0.1)
      linkeddata (~> 1.1.2)
      maruku
      nokogiri
      rails (>= 4.2.11, < 5.0)
      rails_autolink
      sass-rails (~> 5.0.0)
      uglifier (>= 1.3.0)

GEM
  remote: https://rubygems.org/
  specs:
    actionmailer (4.2.11.1)
      actionpack (= 4.2.11.1)
      actionview (= 4.2.11.1)
      activejob (= 4.2.11.1)
      mail (~> 2.5, >= 2.5.4)
      rails-dom-testing (~> 1.0, >= 1.0.5)
    actionpack (4.2.11.1)
      actionview (= 4.2.11.1)
      activesupport (= 4.2.11.1)
      rack (~> 1.6)
      rack-test (~> 0.6.2)
      rails-dom-testing (~> 1.0, >= 1.0.5)
      rails-html-sanitizer (~> 1.0, >= 1.0.2)
    actionview (4.2.11.1)
      activesupport (= 4.2.11.1)
      builder (~> 3.1)
      erubis (~> 2.7.0)
      rails-dom-testing (~> 1.0, >= 1.0.5)
      rails-html-sanitizer (~> 1.0, >= 1.0.3)
    activejob (4.2.11.1)
      activesupport (= 4.2.11.1)
      globalid (>= 0.3.0)
    activemodel (4.2.11.1)
      activesupport (= 4.2.11.1)
      builder (~> 3.1)
    activerecord (4.2.11.1)
      activemodel (= 4.2.11.1)
      activesupport (= 4.2.11.1)
      arel (~> 6.0)
    activesupport (4.2.11.1)
      i18n (~> 0.7)
      minitest (~> 5.1)
      thread_safe (~> 0.3, >= 0.3.4)
      tzinfo (~> 1.1)
    addressable (2.6.0)
      public_suffix (>= 2.0.2, < 4.0)
    apipie-rails (0.3.7)
      json
    arel (6.0.4)
    authlogic (3.8.0)
      activerecord (>= 3.2, < 5.3)
      activesupport (>= 3.2, < 5.3)
      request_store (~> 1.0)
      scrypt (>= 1.2, < 4.0)
    autoprefixer-rails (6.5.1.1)
      execjs
    awesome_print (1.8.0)
    bcp47 (0.3.3)
      i18n
    bootstrap-sass (3.4.1)
      autoprefixer-rails (>= 5.2.1)
      sassc (>= 2.0.0)
    bootstrap_form (2.2.0)
    builder (3.2.3)
    cancancan (2.3.0)
    capybara (2.18.0)
      addressable
      mini_mime (>= 0.1.3)
      nokogiri (>= 1.3.3)
      rack (>= 1.0.0)
      rack-test (>= 0.5.4)
      xpath (>= 2.0, < 4.0)
    carrierwave (1.3.1)
      activemodel (>= 4.0.0)
      activesupport (>= 4.0.0)
      mime-types (>= 1.16)
    cliver (0.3.2)
    coderay (1.1.2)
    concurrent-ruby (1.1.5)
    crass (1.0.4)
    database_cleaner (1.7.0)
    delayed_job (4.1.8)
      activesupport (>= 3.0, < 6.1)
    delayed_job_active_record (4.1.4)
      activerecord (>= 3.0, < 6.1)
      delayed_job (>= 3.0, < 5)
    ebnf (0.3.9)
      rdf (~> 1.1)
      sxp (~> 0.1, >= 0.1.3)
    equivalent-xml (0.6.0)
      nokogiri (>= 1.4.3)
    erubis (2.7.0)
    execjs (2.7.0)
    faraday (0.9.0)
      multipart-post (>= 1.2, < 3)
    faraday_middleware (0.13.1)
      faraday (>= 0.7.4, < 1.0)
    ffi (1.11.1)
    ffi-compiler (1.0.1)
      ffi (>= 1.0.0)
      rake
    font-awesome-rails (4.2.0.0)
      railties (>= 3.2, < 5.0)
    globalid (0.4.2)
      activesupport (>= 4.2.0)
    haml (4.0.7)
      tilt
    htmlentities (4.3.4)
    i18n (0.9.5)
      concurrent-ruby (~> 1.0)
    iq_rdf (0.1.16)
      activesupport
      builder
      bundler
    iq_triplestorage (0.2.2)
    json (2.2.0)
    json-ld (1.1.11.1)
      multi_json (~> 1.11)
      rdf (~> 1.1, >= 1.1.17, < 1.99)
    kaminari (0.16.3)
      actionpack (>= 3.0.0)
      activesupport (>= 3.0.0)
    kaminari-bootstrap (3.0.1)
      kaminari (>= 0.13.0)
      rails
    link_header (0.0.8)
    linkeddata (1.1.11.2)
      equivalent-xml (~> 0.5)
      json-ld (~> 1.1, >= 1.1.8, < 1.99)
      nokogiri (~> 1.6)
      rdf (~> 1.1, >= 1.1.11, < 1.99)
      rdf-aggregate-repo (~> 1.1, < 1.99)
      rdf-isomorphic (~> 1.1, < 1.99)
      rdf-json (~> 1.1, >= 1.1.2, < 1.99)
      rdf-microdata (~> 2.0, >= 2.0.1)
      rdf-n3 (~> 1.1, >= 1.1.3, < 1.99)
      rdf-rdfa (~> 1.1, >= 1.1.6, < 1.99)
      rdf-rdfxml (~> 1.1, >= 1.1.4, < 1.99)
      rdf-reasoner (~> 0.2, >= 0.2.1, < 1.99)
      rdf-tabular (~> 0.1, >= 0.1.2)
      rdf-trig (~> 1.1, >= 1.1.4, < 1.99)
      rdf-trix (~> 1.1, < 1.99)
      rdf-turtle (~> 1.1, >= 1.1.6, < 1.99)
      rdf-vocab (~> 0.8)
      rdf-xsd (~> 1.1, >= 1.1.3, < 1.99)
      sparql (~> 1.1, >= 1.1.5, < 1.99)
      sparql-client (~> 1.1, >= 1.1.3, < 1.99)
    loofah (2.2.3)
      crass (~> 1.0.2)
      nokogiri (>= 1.5.9)
    mail (2.7.1)
      mini_mime (>= 0.1.1)
    maruku (0.7.3)
    method_source (0.9.2)
    mime-types (3.2.2)
      mime-types-data (~> 3.2015)
    mime-types-data (3.2019.0331)
    mini_mime (1.0.2)
    mini_portile2 (2.4.0)
    minitest (5.11.3)
    multi_json (1.13.1)
    multipart-post (2.1.1)
    net-http-persistent (2.9.4)
    nokogiri (1.10.4)
      mini_portile2 (~> 2.4.0)
    pg (0.21.0)
    poltergeist (1.5.1)
      capybara (~> 2.1)
      cliver (~> 0.3.1)
      multi_json (~> 1.0)
      websocket-driver (>= 0.2.0)
    pry (0.12.2)
      coderay (~> 1.1.0)
      method_source (~> 0.9.0)
    pry-rails (0.3.9)
      pry (>= 0.10.4)
    public_suffix (3.1.1)
    quiet_assets (1.1.0)
      railties (>= 3.1, < 5.0)
    rack (1.6.11)
    rack-test (0.6.3)
      rack (>= 1.0)
    rails (4.2.11.1)
      actionmailer (= 4.2.11.1)
      actionpack (= 4.2.11.1)
      actionview (= 4.2.11.1)
      activejob (= 4.2.11.1)
      activemodel (= 4.2.11.1)
      activerecord (= 4.2.11.1)
      activesupport (= 4.2.11.1)
      bundler (>= 1.3.0, < 2.0)
      railties (= 4.2.11.1)
      sprockets-rails
    rails-deprecated_sanitizer (1.0.3)
      activesupport (>= 4.2.0.alpha)
    rails-dom-testing (1.0.9)
      activesupport (>= 4.2.0, < 5.0)
      nokogiri (~> 1.6)
      rails-deprecated_sanitizer (>= 1.0.1)
    rails-html-sanitizer (1.2.0)
      loofah (~> 2.2, >= 2.2.2)
    rails_autolink (1.1.6)
      rails (> 3.1)
    railties (4.2.11.1)
      actionpack (= 4.2.11.1)
      activesupport (= 4.2.11.1)
      rake (>= 0.8.7)
      thor (>= 0.18.1, < 2.0)
    rake (12.3.3)
    rb-fsevent (0.10.3)
    rb-inotify (0.10.0)
      ffi (~> 1.0)
    rdf (1.1.17.1)
      link_header (~> 0.0, >= 0.0.8)
    rdf-aggregate-repo (1.1.0.1)
      rdf (~> 1.1, < 1.99)
    rdf-isomorphic (1.1.0.2)
      rdf (~> 1.1, >= 1.1.17, < 1.99)
    rdf-json (1.1.2.1)
      rdf (~> 1.1, < 1.99)
    rdf-microdata (2.0.2)
      htmlentities (~> 4.3)
      nokogiri (~> 1.6)
      rdf (~> 1.1)
      rdf-xsd (~> 1.1)
    rdf-n3 (1.1.3.1)
      rdf (~> 1.1, >= 1.1.17, < 1.99)
    rdf-rdfa (1.1.6.1)
      haml (~> 4.0)
      htmlentities (~> 4.3)
      rdf (~> 1.1, >= 1.1.6, < 1.99)
      rdf-aggregate-repo (~> 1.1, < 1.99)
      rdf-xsd (~> 1.1, < 1.99)
    rdf-rdfxml (1.1.5.1)
      htmlentities (~> 4.3)
      rdf (~> 1.1, >= 1.1.6, < 1.99)
      rdf-rdfa (~> 1.1, >= 1.1.4.1, < 1.99)
      rdf-xsd (~> 1.1, < 1.99)
    rdf-reasoner (0.3.0)
      rdf (~> 1.1, >= 1.1.4.2)
      rdf-turtle (~> 1.1)
      rdf-vocab (~> 0.8)
      rdf-xsd (~> 1.1)
    rdf-tabular (0.3.0)
      addressable (~> 2.3)
      bcp47 (~> 0.3, >= 0.3.3)
      json-ld (~> 1.1)
      rdf (~> 1.1, >= 1.1.7)
      rdf-vocab (~> 0.8)
      rdf-xsd (~> 1.1)
    rdf-trig (1.1.5.1)
      ebnf (~> 0.3, >= 0.3.7)
      rdf (~> 1.1, >= 1.1.11, < 1.99)
      rdf-turtle (~> 1.1, >= 1.1.7, < 1.99)
    rdf-trix (1.1.0.1)
      rdf (~> 1.1, < 1.99)
    rdf-turtle (1.1.8)
      ebnf (~> 0.3, >= 0.3.6)
      rdf (~> 1.1, >= 1.1.10)
    rdf-vocab (0.8.8)
      rdf (~> 1.1, >= 1.1.10)
    rdf-xsd (1.1.5.1)
      rdf (~> 1.1, >= 1.1.9, < 1.99)
    request_store (1.4.1)
      rack (>= 1.4)
    sass (3.7.4)
      sass-listen (~> 4.0.0)
    sass-listen (4.0.0)
      rb-fsevent (~> 0.9, >= 0.9.4)
      rb-inotify (~> 0.9, >= 0.9.7)
    sass-rails (5.0.7)
      railties (>= 4.0.0, < 6)
      sass (~> 3.1)
      sprockets (>= 2.8, < 4.0)
      sprockets-rails (>= 2.0, < 4.0)
      tilt (>= 1.1, < 3)
    sassc (2.2.0)
      ffi (~> 1.9)
    scrypt (3.0.6)
      ffi-compiler (>= 1.0, < 2.0)
    sparql (1.1.9)
      builder (~> 3.2)
      ebnf (~> 0.3, >= 0.3.9)
      rdf (~> 1.1, >= 1.1.13)
      rdf-aggregate-repo (~> 1.1, >= 1.1.0)
      rdf-xsd (~> 1.1)
      sparql-client (~> 1.1)
      sxp (~> 0.1)
    sparql-client (1.1.6.1)
      net-http-persistent (~> 2.9)
      rdf (~> 1.1, < 1.99)
    sprockets (3.7.2)
      concurrent-ruby (~> 1.0)
      rack (> 1, < 3)
    sprockets-rails (3.2.1)
      actionpack (>= 4.0)
      activesupport (>= 4.0)
      sprockets (>= 3.0.0)
    sxp (0.1.5)
    thor (0.20.3)
    thread_safe (0.3.6)
    tilt (2.0.9)
    tzinfo (1.2.5)
      thread_safe (~> 0.1)
    uglifier (4.1.20)
      execjs (>= 0.3.0, < 3)
    websocket-driver (0.7.1)
      websocket-extensions (>= 0.1.0)
    websocket-extensions (0.1.4)
    xpath (3.2.0)
      nokogiri (~> 1.8)

PLATFORMS
  ruby

DEPENDENCIES
  activerecord-jdbcpostgresql-adapter (~> 1.3.13)
  awesome_print
  capybara
  iqvoc (~> 4.12.0)!
  pg (~> 0.21.0)
  poltergeist (~> 1.5.0)
  pry-rails
  quiet_assets

BUNDLED WITH
   1.17.3
