GIT
  remote: https://github.com/innoq/iqvoc.git
  revision: 045b089839b93acce8c15ace6d23adf197ebf3aa
  branch: master
  specs:
    iqvoc (4.14.1)
      apipie-rails
      authlogic
      bootsnap
      bootstrap_form (~> 4.0)
      bundler
      cancancan
      carrierwave
      carrierwave-i18n
      database_cleaner (~> 1.8.5)
      deep_cloneable
      delayed_job_active_record
      faraday
      faraday_middleware
      faucet_pipeline_rails
      iq_rdf
      iq_triplestorage
      json
      kaminari
      linkeddata
      maruku
      net-http
      nokogiri
      puma
      rack-mini-profiler
      rails (~> 7.0.8)
      rails_autolink
      rdf-vocab
      scrypt

GEM
  remote: https://rubygems.org/
  specs:
    actioncable (7.0.8)
      actionpack (= 7.0.8)
      activesupport (= 7.0.8)
      nio4r (~> 2.0)
      websocket-driver (>= 0.6.1)
    actionmailbox (7.0.8)
      actionpack (= 7.0.8)
      activejob (= 7.0.8)
      activerecord (= 7.0.8)
      activestorage (= 7.0.8)
      activesupport (= 7.0.8)
      mail (>= 2.7.1)
      net-imap
      net-pop
      net-smtp
    actionmailer (7.0.8)
      actionpack (= 7.0.8)
      actionview (= 7.0.8)
      activejob (= 7.0.8)
      activesupport (= 7.0.8)
      mail (~> 2.5, >= 2.5.4)
      net-imap
      net-pop
      net-smtp
      rails-dom-testing (~> 2.0)
    actionpack (7.0.8)
      actionview (= 7.0.8)
      activesupport (= 7.0.8)
      rack (~> 2.0, >= 2.2.4)
      rack-test (>= 0.6.3)
      rails-dom-testing (~> 2.0)
      rails-html-sanitizer (~> 1.0, >= 1.2.0)
    actiontext (7.0.8)
      actionpack (= 7.0.8)
      activerecord (= 7.0.8)
      activestorage (= 7.0.8)
      activesupport (= 7.0.8)
      globalid (>= 0.6.0)
      nokogiri (>= 1.8.5)
    actionview (7.0.8)
      activesupport (= 7.0.8)
      builder (~> 3.1)
      erubi (~> 1.4)
      rails-dom-testing (~> 2.0)
      rails-html-sanitizer (~> 1.1, >= 1.2.0)
    activejob (7.0.8)
      activesupport (= 7.0.8)
      globalid (>= 0.3.6)
    activemodel (7.0.8)
      activesupport (= 7.0.8)
    activerecord (7.0.8)
      activemodel (= 7.0.8)
      activesupport (= 7.0.8)
    activestorage (7.0.8)
      actionpack (= 7.0.8)
      activejob (= 7.0.8)
      activerecord (= 7.0.8)
      activesupport (= 7.0.8)
      marcel (~> 1.0)
      mini_mime (>= 1.1.0)
    activesupport (7.0.8)
      concurrent-ruby (~> 1.0, >= 1.0.2)
      i18n (>= 1.6, < 2)
      minitest (>= 5.1)
      tzinfo (~> 2.0)
    addressable (2.8.5)
      public_suffix (>= 2.0.2, < 6.0)
    apipie-rails (1.2.2)
      actionpack (>= 5.0)
      activesupport (>= 5.0)
    authlogic (6.4.2)
      activemodel (>= 5.2, < 7.1)
      activerecord (>= 5.2, < 7.1)
      activesupport (>= 5.2, < 7.1)
      request_store (~> 1.0)
    bcp47_spec (0.2.1)
    better_errors (2.8.0)
      coderay (>= 1.0.0)
      erubi (>= 1.0.0)
      rack (>= 0.9.0)
    bindex (0.8.1)
    bootsnap (1.16.0)
      msgpack (~> 1.2)
    bootstrap_form (4.5.0)
      actionpack (>= 5.2)
      activemodel (>= 5.2)
    builder (3.2.4)
    cancancan (3.5.0)
    capybara (3.32.1)
      addressable
      mini_mime (>= 0.1.3)
      nokogiri (~> 1.8)
      rack (>= 1.6.0)
      rack-test (>= 0.6.3)
      regexp_parser (~> 1.5)
      xpath (~> 3.2)
    carrierwave (3.0.3)
      activemodel (>= 6.0.0)
      activesupport (>= 6.0.0)
      addressable (~> 2.6)
      image_processing (~> 1.1)
      marcel (~> 1.0.0)
      ssrf_filter (~> 1.0)
    carrierwave-i18n (3.0.0)
      carrierwave (>= 3.0.0, < 4)
    cliver (0.3.2)
    coderay (1.1.3)
    concurrent-ruby (1.2.2)
    connection_pool (2.4.1)
    crass (1.0.6)
    cuprite (0.13)
      capybara (>= 2.1, < 4)
      ferrum (~> 0.11.0)
    database_cleaner (1.8.5)
    date (3.3.3)
    deep_cloneable (3.2.0)
      activerecord (>= 3.1.0, < 8)
    delayed_job (4.1.11)
      activesupport (>= 3.0, < 8.0)
    delayed_job_active_record (4.1.7)
      activerecord (>= 3.0, < 8.0)
      delayed_job (>= 3.0, < 5)
    ebnf (2.4.0)
      htmlentities (~> 4.3)
      rdf (~> 3.3)
      scanf (~> 1.0)
      sxp (~> 1.3)
      unicode-types (~> 1.8)
    erubi (1.12.0)
    faraday (1.10.3)
      faraday-em_http (~> 1.0)
      faraday-em_synchrony (~> 1.0)
      faraday-excon (~> 1.1)
      faraday-httpclient (~> 1.0)
      faraday-multipart (~> 1.0)
      faraday-net_http (~> 1.0)
      faraday-net_http_persistent (~> 1.0)
      faraday-patron (~> 1.0)
      faraday-rack (~> 1.0)
      faraday-retry (~> 1.0)
      ruby2_keywords (>= 0.0.4)
    faraday-em_http (1.0.0)
    faraday-em_synchrony (1.0.0)
    faraday-excon (1.1.0)
    faraday-httpclient (1.0.1)
    faraday-multipart (1.0.4)
      multipart-post (~> 2)
    faraday-net_http (1.0.1)
    faraday-net_http_persistent (1.2.0)
    faraday-patron (1.0.0)
    faraday-rack (1.0.0)
    faraday-retry (1.0.3)
    faraday_middleware (1.2.0)
      faraday (~> 1.0)
    faucet_pipeline_rails (1.0.1)
      rails (>= 4.2.10)
    ferrum (0.11)
      addressable (~> 2.5)
      cliver (~> 0.3)
      concurrent-ruby (~> 1.1)
      websocket-driver (>= 0.6, < 0.8)
    ffi (1.15.5)
    ffi-compiler (1.0.1)
      ffi (>= 1.0.0)
      rake
    globalid (1.2.1)
      activesupport (>= 6.1)
    haml (6.2.0)
      temple (>= 0.8.2)
      thor
      tilt
    hamster (3.0.0)
      concurrent-ruby (~> 1.0)
    htmlentities (4.3.4)
    i18n (1.14.1)
      concurrent-ruby (~> 1.0)
    image_processing (1.12.2)
      mini_magick (>= 4.9.5, < 5)
      ruby-vips (>= 2.0.17, < 3)
    iq_rdf (0.1.17)
      activesupport
      builder
      bundler
    iq_triplestorage (0.2.2)
    json (2.6.3)
    json-canonicalization (0.3.2)
    json-ld (3.3.0)
      htmlentities (~> 4.3)
      json-canonicalization (~> 0.3, >= 0.3.2)
      link_header (~> 0.0, >= 0.0.8)
      multi_json (~> 1.15)
      rack (>= 2.2, < 4)
      rdf (~> 3.3)
    json-ld-preloaded (3.3.0)
      json-ld (~> 3.3)
      rdf (~> 3.3)
    kaminari (1.2.2)
      activesupport (>= 4.1.0)
      kaminari-actionview (= 1.2.2)
      kaminari-activerecord (= 1.2.2)
      kaminari-core (= 1.2.2)
    kaminari-actionview (1.2.2)
      actionview
      kaminari-core (= 1.2.2)
    kaminari-activerecord (1.2.2)
      activerecord
      kaminari-core (= 1.2.2)
    kaminari-core (1.2.2)
    ld-patch (3.3.0)
      ebnf (~> 2.4)
      rdf (~> 3.3)
      rdf-xsd (~> 3.3)
      sparql (~> 3.3)
      sxp (~> 1.3)
    link_header (0.0.8)
    linkeddata (3.3.1)
      json-ld (~> 3.3)
      json-ld-preloaded (~> 3.3)
      ld-patch (~> 3.3)
      nokogiri (~> 1.15, >= 1.15.4)
      rdf (~> 3.2, >= 3.2.1)
      rdf-aggregate-repo (~> 3.2)
      rdf-hamster-repo (~> 3.3)
      rdf-isomorphic (~> 3.3)
      rdf-json (~> 3.3)
      rdf-microdata (~> 3.3)
      rdf-n3 (~> 3.3)
      rdf-normalize (~> 0.7)
      rdf-ordered-repo (~> 3.3)
      rdf-rdfa (~> 3.3)
      rdf-rdfxml (~> 3.3)
      rdf-reasoner (~> 0.9)
      rdf-tabular (~> 3.3)
      rdf-trig (~> 3.3)
      rdf-trix (~> 3.3)
      rdf-turtle (~> 3.3)
      rdf-vocab (~> 3.3)
      rdf-xsd (~> 3.3)
      shacl (~> 0.4)
      shex (~> 0.8)
      sparql (~> 3.3)
      sparql-client (~> 3.3)
      yaml-ld (~> 0.0)
    listen (3.8.0)
      rb-fsevent (~> 0.10, >= 0.10.3)
      rb-inotify (~> 0.9, >= 0.9.10)
    logger (1.5.3)
    loofah (2.21.3)
      crass (~> 1.0.2)
      nokogiri (>= 1.12.0)
    mail (2.8.1)
      mini_mime (>= 0.1.1)
      net-imap
      net-pop
      net-smtp
    marcel (1.0.2)
    maruku (0.7.3)
    matrix (0.4.2)
    method_source (1.0.0)
    mini_magick (4.12.0)
    mini_mime (1.1.5)
    mini_portile2 (2.8.4)
    minitest (5.19.0)
    msgpack (1.7.2)
    multi_json (1.15.0)
    multipart-post (2.3.0)
    net-http (0.3.2)
      uri
    net-http-persistent (4.0.2)
      connection_pool (~> 2.2)
    net-imap (0.3.7)
      date
      net-protocol
    net-pop (0.1.2)
      net-protocol
    net-protocol (0.2.1)
      timeout
    net-smtp (0.4.0)
      net-protocol
    nio4r (2.5.9)
    nokogiri (1.15.4)
      mini_portile2 (~> 2.8.2)
      racc (~> 1.4)
    pg (1.4.2)
    pry (0.14.2)
      coderay (~> 1.1)
      method_source (~> 1.0)
    pry-rails (0.3.9)
      pry (>= 0.10.4)
    psych (5.1.0)
      stringio
    public_suffix (5.0.3)
    puma (6.4.0)
      nio4r (~> 2.0)
    racc (1.7.1)
    rack (2.2.8)
    rack-mini-profiler (3.1.1)
      rack (>= 1.2.0)
    rack-test (2.1.0)
      rack (>= 1.3)
    rails (7.0.8)
      actioncable (= 7.0.8)
      actionmailbox (= 7.0.8)
      actionmailer (= 7.0.8)
      actionpack (= 7.0.8)
      actiontext (= 7.0.8)
      actionview (= 7.0.8)
      activejob (= 7.0.8)
      activemodel (= 7.0.8)
      activerecord (= 7.0.8)
      activestorage (= 7.0.8)
      activesupport (= 7.0.8)
      bundler (>= 1.15.0)
      railties (= 7.0.8)
    rails-dom-testing (2.2.0)
      activesupport (>= 5.0.0)
      minitest
      nokogiri (>= 1.6)
    rails-html-sanitizer (1.6.0)
      loofah (~> 2.21)
      nokogiri (~> 1.14)
    rails_autolink (1.1.8)
      actionview (> 3.1)
      activesupport (> 3.1)
      railties (> 3.1)
    railties (7.0.8)
      actionpack (= 7.0.8)
      activesupport (= 7.0.8)
      method_source
      rake (>= 12.2)
      thor (~> 1.0)
      zeitwerk (~> 2.5)
    rake (13.0.6)
    rb-fsevent (0.10.4)
    rb-inotify (0.10.1)
      ffi (~> 1.0)
    rdf (3.3.1)
      bcp47_spec (~> 0.2)
      link_header (~> 0.0, >= 0.0.8)
    rdf-aggregate-repo (3.3.0)
      rdf (~> 3.3)
    rdf-hamster-repo (3.3.0)
      hamster (~> 3.0)
      rdf (~> 3.3)
    rdf-isomorphic (3.3.0)
      rdf (~> 3.3)
    rdf-json (3.3.0)
      rdf (~> 3.3)
    rdf-microdata (3.3.0)
      htmlentities (~> 4.3)
      nokogiri (~> 1.15, >= 1.15.4)
      rdf (~> 3.3)
      rdf-rdfa (~> 3.3)
      rdf-xsd (~> 3.3)
    rdf-n3 (3.3.0)
      ebnf (~> 2.4)
      rdf (~> 3.3)
      sparql (~> 3.3)
      sxp (~> 1.3)
    rdf-normalize (0.7.0)
      rdf (~> 3.3)
    rdf-ordered-repo (3.3.0)
      rdf (~> 3.3)
    rdf-rdfa (3.3.0)
      haml (~> 6.1)
      htmlentities (~> 4.3)
      rdf (~> 3.3)
      rdf-aggregate-repo (~> 3.3)
      rdf-vocab (~> 3.3)
      rdf-xsd (~> 3.3)
    rdf-rdfxml (3.3.0)
      builder (~> 3.2, >= 3.2.4)
      htmlentities (~> 4.3)
      rdf (~> 3.3)
      rdf-xsd (~> 3.3)
    rdf-reasoner (0.9.0)
      rdf (~> 3.3)
      rdf-xsd (~> 3.3)
    rdf-tabular (3.3.0)
      addressable (~> 2.8)
      bcp47_spec (~> 0.2)
      json-ld (~> 3.3)
      rdf (~> 3.3)
      rdf-vocab (~> 3.3)
      rdf-xsd (~> 3.3)
    rdf-trig (3.3.0)
      ebnf (~> 2.4)
      rdf (~> 3.3)
      rdf-turtle (~> 3.3)
    rdf-trix (3.3.0)
      rdf (~> 3.3)
      rdf-xsd (~> 3.3)
    rdf-turtle (3.3.0)
      ebnf (~> 2.4)
      rdf (~> 3.3)
    rdf-vocab (3.3.0)
      rdf (~> 3.3)
    rdf-xsd (3.3.0)
      rdf (~> 3.3)
      rexml (~> 3.2)
    regexp_parser (1.7.0)
    request_store (1.5.1)
      rack (>= 1.4)
    rexml (3.2.6)
    ruby-vips (2.1.4)
      ffi (~> 1.12)
    ruby2_keywords (0.0.5)
    scanf (1.0.0)
    scrypt (3.0.7)
      ffi-compiler (>= 1.0, < 2.0)
    shacl (0.4.0)
      json-ld (~> 3.3)
      rdf (~> 3.3)
      sparql (~> 3.3)
      sxp (~> 1.2)
    shex (0.8.0)
      ebnf (~> 2.4)
      htmlentities (~> 4.3)
      json-ld (~> 3.3)
      json-ld-preloaded (~> 3.3)
      rdf (~> 3.3)
      rdf-xsd (~> 3.3)
      sparql (~> 3.3)
      sxp (~> 1.3)
    sparql (3.3.0)
      builder (~> 3.2, >= 3.2.4)
      ebnf (~> 2.4)
      logger (~> 1.5)
      rdf (~> 3.3)
      rdf-aggregate-repo (~> 3.3)
      rdf-xsd (~> 3.3)
      sparql-client (~> 3.3)
      sxp (~> 1.3)
    sparql-client (3.3.0)
      net-http-persistent (~> 4.0, >= 4.0.2)
      rdf (~> 3.3)
    ssrf_filter (1.1.2)
    stringio (3.0.8)
    sxp (1.3.0)
      matrix (~> 0.4)
      rdf (~> 3.3)
    temple (0.10.2)
    thor (1.2.2)
    tilt (2.3.0)
    timeout (0.4.0)
    tzinfo (2.0.6)
      concurrent-ruby (~> 1.0)
    unicode-types (1.8.0)
    uri (0.12.2)
    web-console (3.7.0)
      actionview (>= 5.0)
      activemodel (>= 5.0)
      bindex (>= 0.4.0)
      railties (>= 5.0)
    websocket-driver (0.7.6)
      websocket-extensions (>= 0.1.0)
    websocket-extensions (0.1.5)
    xpath (3.2.0)
      nokogiri (~> 1.8)
    yaml-ld (0.0.2)
      json-ld (~> 3.2, >= 3.2.3)
      psych (>= 3.3)
      rdf (~> 3.2, >= 3.2.9)
      rdf-xsd (~> 3.2)
    zeitwerk (2.6.11)

PLATFORMS
  ruby

DEPENDENCIES
  better_errors
  capybara
  cuprite
  iqvoc (~> 4.14.1)!
  listen
  pg
  pry-rails
  rack-mini-profiler
  web-console

BUNDLED WITH
   2.4.19
